PATH
  remote: .
  specs:
    auto_pilot (0.0.1)
      httparty (~> 0.11.0)
      nokogiri (~> 1.6.3.1)
      reverse_markdown (~> 0.7.0)

PATH
  remote: /Users/lfender/source/ruby-stackoverflow
  specs:
    ruby-stackoverflow (0.0.2)
      httparty (~> 0.11.0)
      json

GEM
  remote: https://rubygems.org/
  specs:
    addressable (2.3.7)
    ast (2.0.0)
    astrolabe (1.3.0)
      parser (>= 2.2.0.pre.3, < 3.0)
    byebug (3.5.1)
      columnize (~> 0.8)
      debugger-linecache (~> 1.2)
      slop (~> 3.6)
    codeclimate-test-reporter (0.4.7)
      simplecov (>= 0.7.1, < 1.0.0)
    coderay (1.1.0)
    columnize (0.9.0)
    crack (0.4.2)
      safe_yaml (~> 1.0.0)
    debugger-linecache (1.2.0)
    docile (1.1.5)
    dotenv (2.0.0)
    httparty (0.11.0)
      multi_json (~> 1.0)
      multi_xml (>= 0.5.2)
    json (1.8.2)
    method_source (0.8.2)
    mini_portile (0.6.0)
    minitest (5.4.3)
    multi_json (1.11.0)
    multi_xml (0.5.5)
    nokogiri (1.6.3.1)
      mini_portile (= 0.6.0)
    parser (2.2.0.3)
      ast (>= 1.1, < 3.0)
    powerpack (0.1.0)
    pry (0.10.1)
      coderay (~> 1.1.0)
      method_source (~> 0.8.1)
      slop (~> 3.4)
    pry-byebug (3.0.1)
      byebug (~> 3.4)
      pry (~> 0.10)
    rainbow (2.0.0)
    rake (10.3.2)
    reverse_markdown (0.7.0)
      nokogiri
    rubocop (0.29.1)
      astrolabe (~> 1.3)
      parser (>= 2.2.0.1, < 3.0)
      powerpack (~> 0.1)
      rainbow (>= 1.99.1, < 3.0)
      ruby-progressbar (~> 1.4)
    ruby-progressbar (1.7.1)
    safe_yaml (1.0.4)
    simplecov (0.9.2)
      docile (~> 1.1.0)
      multi_json (~> 1.0)
      simplecov-html (~> 0.9.0)
    simplecov-html (0.9.0)
    slop (3.6.0)
    webmock (1.18.0)
      addressable (>= 2.3.6)
      crack (>= 0.3.2)

PLATFORMS
  ruby

DEPENDENCIES
  auto_pilot!
  bundler (~> 1.7)
  codeclimate-test-reporter
  dotenv (~> 2.0.0)
  minitest (~> 5.4.1)
  pry-byebug
  rake (~> 10.3.2)
  rubocop
  ruby-stackoverflow!
  webmock (~> 1.18.0)
