PATH
  remote: .
  specs:
    auto_pilot (0.0.1)
      httparty (~> 0.11.0)
      nokogiri (~> 1.6.3.1)
      reverse_markdown (~> 0.7.0)

GEM
  remote: https://rubygems.org/
  specs:
    addressable (2.3.7)
    byebug (3.5.1)
      columnize (~> 0.8)
      debugger-linecache (~> 1.2)
      slop (~> 3.6)
    coderay (1.1.0)
    columnize (0.9.0)
    crack (0.4.2)
      safe_yaml (~> 1.0.0)
    debugger-linecache (1.2.0)
    httparty (0.11.0)
      multi_json (~> 1.0)
      multi_xml (>= 0.5.2)
    json (1.8.2)
    method_source (0.8.2)
    mini_portile (0.6.0)
    minitest (5.4.3)
    multi_json (1.10.1)
    multi_xml (0.5.5)
    nokogiri (1.6.3.1)
      mini_portile (= 0.6.0)
    pry (0.10.1)
      coderay (~> 1.1.0)
      method_source (~> 0.8.1)
      slop (~> 3.4)
    pry-byebug (3.0.1)
      byebug (~> 3.4)
      pry (~> 0.10)
    rake (10.3.2)
    reverse_markdown (0.7.0)
      nokogiri
    ruby-stackoverflow (0.0.2)
      httparty (~> 0.11.0)
      json
    safe_yaml (1.0.4)
    slop (3.6.0)
    webmock (1.18.0)
      addressable (>= 2.3.6)
      crack (>= 0.3.2)

PLATFORMS
  ruby

DEPENDENCIES
  auto_pilot!
  bundler (~> 1.7)
  minitest (~> 5.4.1)
  pry-byebug
  rake (~> 10.3.2)
  ruby-stackoverflow
  webmock (~> 1.18.0)
